PATH
  remote: .
  specs:
    rspock (0.2.5)
      ast_transform (~> 0.1)
      parser (~> 2.5)
      unparser (~> 0.4)

GEM
  remote: https://rubygems.org/
  remote: https://packages.shopify.io/shopify/gems/
  specs:
    abstract_type (0.0.7)
    adamantium (0.2.0)
      ice_nine (~> 0.11.0)
      memoizable (~> 0.4.0)
    ansi (1.5.0)
    ast (2.4.0)
    ast_transform (0.1.3)
      parser (~> 2.5)
      unparser (~> 0.4)
    builder (3.2.3)
    byebug (11.0.1)
    coderay (1.1.2)
    concord (0.1.5)
      adamantium (~> 0.2.0)
      equalizer (~> 0.0.9)
    diff-lcs (1.3)
    equalizer (0.0.11)
    ice_nine (0.11.2)
    memoizable (0.4.2)
      thread_safe (~> 0.3, >= 0.3.1)
    method_source (0.9.2)
    minitest (5.11.3)
    minitest-reporters (1.3.6)
      ansi
      builder
      minitest (>= 5.0)
      ruby-progressbar
    parser (2.6.3.0)
      ast (~> 2.4.0)
    procto (0.0.3)
    pry (0.12.2)
      coderay (~> 1.1.0)
      method_source (~> 0.9.0)
    pry-byebug (3.7.0)
      byebug (~> 11.0)
      pry (~> 0.10)
    rake (12.3.2)
    ruby-progressbar (1.10.1)
    thread_safe (0.3.6)
    unparser (0.4.5)
      abstract_type (~> 0.0.7)
      adamantium (~> 0.2.0)
      concord (~> 0.1.5)
      diff-lcs (~> 1.3)
      equalizer (~> 0.0.9)
      parser (~> 2.6.3)
      procto (~> 0.0.2)

PLATFORMS
  ruby

DEPENDENCIES
  ast_transform (~> 0.1.0)!
  bundler (~> 1.16)
  minitest (~> 5.0)
  minitest-reporters (~> 1.3)
  pry
  pry-byebug
  rake (~> 12.3)
  rspock!

BUNDLED WITH
   1.17.3
