PATH
  remote: .
  specs:
    rspock (1.0.0)
      ast_transform (~> 1.0.0.pre.alpha.pre)
      minitest (~> 5.0)
      mocha (~> 1.0)
      parser (~> 2.5)
      unparser (~> 0.4)

GEM
  remote: https://rubygems.org/
  specs:
    abstract_type (0.0.7)
    adamantium (0.2.0)
      ice_nine (~> 0.11.0)
      memoizable (~> 0.4.0)
    ansi (1.5.0)
    ast (2.4.1)
    ast_transform (1.0.0.pre.alpha.pre.37)
      parser (~> 2.7)
      unparser (~> 0.4)
    builder (3.2.4)
    byebug (11.1.3)
    coderay (1.1.3)
    concord (0.1.5)
      adamantium (~> 0.2.0)
      equalizer (~> 0.0.9)
    coveralls (0.8.23)
      json (>= 1.8, < 3)
      simplecov (~> 0.16.1)
      term-ansicolor (~> 1.3)
      thor (>= 0.19.4, < 2.0)
      tins (~> 1.6)
    diff-lcs (1.4.4)
    docile (1.3.2)
    equalizer (0.0.11)
    ice_nine (0.11.2)
    json (2.3.1)
    memoizable (0.4.2)
      thread_safe (~> 0.3, >= 0.3.1)
    method_source (1.0.0)
    minitest (5.14.1)
    minitest-reporters (1.4.2)
      ansi
      builder
      minitest (>= 5.0)
      ruby-progressbar
    mocha (1.11.2)
    parser (2.7.1.4)
      ast (~> 2.4.1)
    procto (0.0.3)
    pry (0.13.1)
      coderay (~> 1.1)
      method_source (~> 1.0)
    pry-byebug (3.9.0)
      byebug (~> 11.0)
      pry (~> 0.13.0)
    rake (13.0.1)
    ruby-progressbar (1.10.1)
    simplecov (0.16.1)
      docile (~> 1.1)
      json (>= 1.8, < 3)
      simplecov-html (~> 0.10.0)
    simplecov-html (0.10.2)
    sync (0.5.0)
    term-ansicolor (1.7.1)
      tins (~> 1.0)
    thor (1.0.1)
    thread_safe (0.3.6)
    tins (1.25.0)
      sync
    unparser (0.4.7)
      abstract_type (~> 0.0.7)
      adamantium (~> 0.2.0)
      concord (~> 0.1.5)
      diff-lcs (~> 1.3)
      equalizer (~> 0.0.9)
      parser (>= 2.6.5)
      procto (~> 0.0.2)

PLATFORMS
  ruby

DEPENDENCIES
  bundler (~> 2.1)
  coveralls (~> 0.8)
  minitest (~> 5.14)
  minitest-reporters (~> 1.4)
  pry (~> 0.13)
  pry-byebug (~> 3.9)
  rake (~> 13.0)
  rspock!

BUNDLED WITH
   2.1.4
